NUGET
  remote: https://www.nuget.org/api/v2
  specs:
    FAKE (4.25.4)
    FParsec (1.0.2) - framework: >= net45
    Froto.Core (0.2.1)
    Froto.Parser (0.2.1)
      FParsec (>= 1.0.2) - framework: >= net45
    FsCheck (2.3)
      FSharp.Core (>= 3.1.2.5)
    FSharp.Core (4.0.0.1)
    FsUnit (2.1)
      FSharp.Core (>= 3.1.2.5)
      NUnit (3.2)
    NUnit (3.2)
    NUnit.ConsoleRunner (3.2)
    NUnit.Extension.NUnitProjectLoader (3.2)
    NUnit.Extension.NUnitV2Driver (3.2)
    NUnit.Extension.NUnitV2ResultWriter (3.2)
    NUnit.Extension.VSProjectLoader (3.2)
    NUnit.Runners (3.2)
      NUnit.ConsoleRunner (3.2)
      NUnit.Extension.NUnitProjectLoader (3.2)
      NUnit.Extension.NUnitV2Driver (3.2)
      NUnit.Extension.NUnitV2ResultWriter (3.2)
      NUnit.Extension.VSProjectLoader (3.2)
GITHUB
  remote: fsprojects/FSharp.TypeProviders.StarterPack
  specs:
    src/ProvidedTypes.fs (ea733039c168a8e2d441e298a1c67d98f63b00f6)
    src/ProvidedTypes.fsi (ea733039c168a8e2d441e298a1c67d98f63b00f6)
    src/ProvidedTypesTesting.fs (ea733039c168a8e2d441e298a1c67d98f63b00f6)