

GROUP Nuget
NUGET
  remote: https://www.nuget.org/api/v2
    FAKE (4.27)
    FParsec (1.0.2) - framework: >= net45
    Froto.Core (0.2.1)
    Froto.Parser (0.2.1)
      FParsec (>= 1.0.2) - framework: >= net45
    FsCheck (2.4)
      FSharp.Core (>= 3.1.2.5)
    FSharp.Core (4.0.0.1)
    FsUnit (2.1)
      FSharp.Core (>= 3.1.2.5)
      NUnit (3.2)
    NUnit (3.2)
    NUnit.ConsoleRunner (3.2.1)
    NUnit.Extension.NUnitProjectLoader (3.2.1)
    NUnit.Extension.NUnitV2Driver (3.2.1)
    NUnit.Extension.NUnitV2ResultWriter (3.2.1)
    NUnit.Extension.VSProjectLoader (3.2.1)
    NUnit.Runners (3.2.1)
      NUnit.ConsoleRunner (3.2.1)
      NUnit.Extension.NUnitProjectLoader (3.2.1)
      NUnit.Extension.NUnitV2Driver (3.2.1)
      NUnit.Extension.NUnitV2ResultWriter (3.2.1)
      NUnit.Extension.VSProjectLoader (3.2.1)

GROUP StarterPack

GITHUB
  remote: takemyoxygen/FSharp.TypeProviders.StarterPack
    src/ProvidedTypes.fs (bbf9acac705ced462accc6be4225dac7716d5036)
    src/ProvidedTypes.fsi (bbf9acac705ced462accc6be4225dac7716d5036)
    src/ProvidedTypesTesting.fs (bbf9acac705ced462accc6be4225dac7716d5036)