NUGET
  remote: https://www.nuget.org/api/v2
  specs:
    FAKE (4.22.8)
    FParsec (1.0.2) - framework: >= net45
    Froto.Parser (0.2.0-b030)
      FParsec (>= 1.0.2) - framework: >= net45
GITHUB
  remote: fsprojects/FSharp.TypeProviders.StarterPack
  specs:
    src/ProvidedTypes.fs (77fda2a5ce7efbcc84011210553924af5ff961b3)
    src/ProvidedTypes.fsi (77fda2a5ce7efbcc84011210553924af5ff961b3)